GEM
  remote: https://rubygems.org/
  specs:
    activesupport (3.2.19)
      i18n (~> 0.6, >= 0.6.4)
      multi_json (~> 1.0)
    clockwork (1.2.0)
      activesupport
      tzinfo
    coderay (1.1.0)
    i18n (0.6.9)
    method_source (0.8.2)
    multi_json (1.10.1)
    pry (0.9.12.6)
      coderay (~> 1.0)
      method_source (~> 0.8)
      slop (~> 3.4)
    slop (3.5.0)
    tzinfo (0.3.39)

PLATFORMS
  ruby

DEPENDENCIES
  clockwork
  pry

BUNDLED WITH
   1.11.2
